GEM
  remote: https://rubygems.org/
  specs:
    email_reply_trimmer (0.1.12)
    json (2.2.0)
    mustermann (1.1.1)
      ruby2_keywords (~> 0.0.1)
    puma (3.12.1)
    rack (2.2.2)
    rack-protection (2.0.8.1)
      rack
    ruby2_keywords (0.0.2)
    sinatra (2.0.8.1)
      mustermann (~> 1.0)
      rack (~> 2.0)
      rack-protection (= 2.0.8.1)
      tilt (~> 2.0)
    tilt (2.0.10)

PLATFORMS
  ruby

DEPENDENCIES
  email_reply_trimmer (~> 0.1)
  json
  puma
  sinatra

BUNDLED WITH
   2.0.1
