GEM
  remote: https://rubygems.org/
  specs:
    email_reply_trimmer (0.1.12)
    json (2.3.0)
    mustermann (1.0.3)
    puma (3.12.6)
    rack (2.2.3)
    rack-protection (2.0.5)
      rack
    sinatra (2.0.5)
      mustermann (~> 1.0)
      rack (~> 2.0)
      rack-protection (= 2.0.5)
      tilt (~> 2.0)
    tilt (2.0.9)

PLATFORMS
  ruby

DEPENDENCIES
  email_reply_trimmer (~> 0.1)
  json
  puma
  sinatra

BUNDLED WITH
   2.0.1
